GEM
  remote: https://rubygems.org/
  specs:
    colorize (0.8.1)
    ffi (1.10.0)
    rb-fsevent (0.10.3)
    rb-inotify (0.10.0)
      ffi (~> 1.0)
    sass (3.7.3)
      sass-listen (~> 4.0.0)
    sass-listen (4.0.0)
      rb-fsevent (~> 0.9, >= 0.9.4)
      rb-inotify (~> 0.9, >= 0.9.7)
    scss-lint (0.7.0)
      colorize
      sass

PLATFORMS
  ruby

DEPENDENCIES
  sass
  scss-lint

BUNDLED WITH
   1.16.6
